GEM
  remote: https://rubygems.org/
  specs:
    mini_portile2 (2.3.0)
    nokogiri (1.8.4)
      mini_portile2 (~> 2.3.0)
    pg (1.0.0)

PLATFORMS
  ruby

DEPENDENCIES
  nokogiri (~> 1.8, >= 1.8.4)
  pg (>= 0.18, < 2.0)

RUBY VERSION
   ruby 2.5.1p57

BUNDLED WITH
   1.16.3
